GEM
  remote: https://rubygems.org/
  specs:

PLATFORMS
  arm64-darwin-21
  aarch64-linux

DEPENDENCIES

BUNDLED WITH
   2.3.7
