GEM
  remote: https://rubygems.org/
  specs:

PLATFORMS
  arm64-darwin-21

DEPENDENCIES

RUBY VERSION
   ruby 3.1.2p20

BUNDLED WITH
   2.3.7
