PATH
  remote: libs/local
  specs:
    local (0.1.0)

GEM
  remote: https://rubygems.org/
  specs:

PLATFORMS
  arm64-darwin-21

DEPENDENCIES
  local!

RUBY VERSION
   ruby 3.1.2p20

BUNDLED WITH
   2.3.7
