GEM
  remote: https://rubygems.org/
  specs:
    execjs (2.8.1)

PLATFORMS
  aarch64-linux
  arm64-darwin-21

RUBY VERSION
ruby 3.1.2p20

DEPENDENCIES
  execjs (~> 2.8.1)

BUNDLED WITH
   2.3.7
